GEM
  remote: https://rubygems.org/
  specs:
    chunky_png (1.4.0)
    colorize (0.8.1)
    sqlite3 (1.6.2-arm64-darwin)
    sqlite3 (1.6.2-x86_64-linux)

PLATFORMS
  arm64-darwin-22
  x86_64-linux

DEPENDENCIES
  chunky_png
  colorize
  sqlite3

BUNDLED WITH
   2.4.6
