GEM
  remote: https://rubygems.org/
  specs:
    chunky_png (1.4.0)
    colorize (0.8.1)

PLATFORMS
  arm64-darwin-22
  x86_64-linux

DEPENDENCIES
  chunky_png
  colorize

BUNDLED WITH
   2.4.6
